GEM
  remote: https://rubygems.org/
  specs:
    multi_json (1.15.0)
    mustermann (1.1.2)
      ruby2_keywords (~> 0.0.1)
    rack (2.2.13)
    rack-cors (2.0.2)
      rack (>= 2.0.0)
    rack-protection (2.1.0)
      rack
    ruby2_keywords (0.0.5)
    sinatra (2.1.0)
      mustermann (~> 1.0)
      rack (~> 2.2)
      rack-protection (= 2.1.0)
      tilt (~> 2.0)
    sinatra-contrib (2.1.0)
      multi_json
      mustermann (~> 1.0)
      rack-protection (= 2.1.0)
      sinatra (= 2.1.0)
      tilt (~> 2.0)
    tilt (2.6.0)

PLATFORMS
  ruby
  x86_64-linux

DEPENDENCIES
  rack-cors
  sinatra (= 2.1.0)
  sinatra-contrib (= 2.1.0)

BUNDLED WITH
   2.6.7
